GIT
  remote: https://github.com/PunkMaldito/weather_request
  revision: 1f2eaf47679d9b9aa36f091ed1d3d17aca4ffcae
  specs:
    weather_request (0.1.0)
      json (~> 2.7, >= 2.7.1)

GEM
  remote: https://rubygems.org/
  specs:
    addressable (2.8.6)
      public_suffix (>= 2.0.2, < 6.0)
    base64 (0.2.0)
    crack (0.4.5)
      rexml
    daemons (1.4.1)
    dotenv (2.8.1)
    eventmachine (1.2.7)
    hashdiff (1.1.0)
    json (2.7.1)
    minitest (5.20.0)
    multi_json (1.15.0)
    mustermann (3.0.0)
      ruby2_keywords (~> 0.0.1)
    public_suffix (5.0.4)
    rack (2.2.8)
    rack-protection (3.2.0)
      base64 (>= 0.1.0)
      rack (~> 2.2, >= 2.2.4)
    rack-test (2.1.0)
      rack (>= 1.3)
    rake (13.1.0)
    rexml (3.2.6)
    ruby2_keywords (0.0.5)
    sinatra (3.2.0)
      mustermann (~> 3.0)
      rack (~> 2.2, >= 2.2.4)
      rack-protection (= 3.2.0)
      tilt (~> 2.0)
    sinatra-contrib (3.2.0)
      multi_json (>= 0.0.2)
      mustermann (~> 3.0)
      rack-protection (= 3.2.0)
      sinatra (= 3.2.0)
      tilt (~> 2.0)
    thin (1.8.2)
      daemons (~> 1.0, >= 1.0.9)
      eventmachine (~> 1.0, >= 1.0.4)
      rack (>= 1, < 3)
    tilt (2.3.0)
    webmock (3.19.1)
      addressable (>= 2.8.0)
      crack (>= 0.3.2)
      hashdiff (>= 0.4.0, < 2.0.0)
    x (0.14.1)

PLATFORMS
  ruby
  x86_64-linux

DEPENDENCIES
  dotenv
  minitest
  rack-test
  rake
  sinatra
  sinatra-contrib
  thin
  weather_request!
  webmock
  x

RUBY VERSION
   ruby 3.2.2p53

BUNDLED WITH
   2.5.4
